GEM
  remote: https://rubygems.org/
  specs:
    byebug (9.0.5)
    diff-lcs (1.3)
    rspec (3.6.0)
      rspec-core (~> 3.6.0)
      rspec-expectations (~> 3.6.0)
      rspec-mocks (~> 3.6.0)
    rspec-core (3.6.0)
      rspec-support (~> 3.6.0)
    rspec-expectations (3.6.0)
      diff-lcs (>= 1.2.0, < 2.0)
      rspec-support (~> 3.6.0)
    rspec-mocks (3.6.0)
      diff-lcs (>= 1.2.0, < 2.0)
      rspec-support (~> 3.6.0)
    rspec-support (3.6.0)

PLATFORMS
  ruby

DEPENDENCIES
  byebug (~> 9.0.5)
  rspec (~> 3.6.0)

RUBY VERSION
   ruby 2.3.3p222

BUNDLED WITH
   1.15.4
